GEM
  remote: https://rubygems.org/
  specs:
    diff-lcs (1.2.5)
    given_core (3.7.1)
      sorcerer (>= 0.3.7)
    rspec (2.99.0)
      rspec-core (~> 2.99.0)
      rspec-expectations (~> 2.99.0)
      rspec-mocks (~> 2.99.0)
    rspec-core (2.99.2)
    rspec-expectations (2.99.2)
      diff-lcs (>= 1.1.3, < 2.0)
    rspec-given (3.7.1)
      given_core (= 3.7.1)
      rspec (>= 2.14.0)
    rspec-mocks (2.99.4)
    sorcerer (1.0.2)

PLATFORMS
  ruby

DEPENDENCIES
  rspec (~> 2.0)
  rspec-given

BUNDLED WITH
   1.11.2
